GIT
  remote: git://github.com/gregbell/active_admin.git
  revision: 60d8be97ec2c29a871f55bd28e00ca9ec9257028
  specs:
    activeadmin (1.0.0.pre)
      arbre (~> 1.0)
      bourbon
      coffee-rails
      devise (~> 3.2)
      formtastic (~> 2.3.0.rc2)
      inherited_resources (~> 1.3)
      jquery-rails
      jquery-ui-rails
      kaminari (~> 0.15)
      rails (>= 3.2, < 4.1)
      ransack (~> 1.0)
      sass-rails

GIT
  remote: git://github.com/josevalim/inherited_resources.git
  revision: e4fb9fc804488532014307190812946d63a480a3
  specs:
    inherited_resources (1.4.1)
      has_scope (~> 0.6.0.rc)
      responders (~> 1.0.0.rc)

GIT
  remote: git://github.com/justinfrench/formtastic.git
  revision: 691560c6698d3699b6cb5a77d628bc80cd517e1f
  specs:
    formtastic (2.3.0.rc2)
      actionpack (>= 3.0)

GEM
  remote: https://rubygems.org/
  specs:
    actionmailer (4.0.0)
      actionpack (= 4.0.0)
      mail (~> 2.5.3)
    actionpack (4.0.0)
      activesupport (= 4.0.0)
      builder (~> 3.1.0)
      erubis (~> 2.7.0)
      rack (~> 1.5.2)
      rack-test (~> 0.6.2)
    activemodel (4.0.0)
      activesupport (= 4.0.0)
      builder (~> 3.1.0)
    activerecord (4.0.0)
      activemodel (= 4.0.0)
      activerecord-deprecated_finders (~> 1.0.2)
      activesupport (= 4.0.0)
      arel (~> 4.0.0)
    activerecord-deprecated_finders (1.0.3)
    activesupport (4.0.0)
      i18n (~> 0.6, >= 0.6.4)
      minitest (~> 4.2)
      multi_json (~> 1.3)
      thread_safe (~> 0.1)
      tzinfo (~> 0.3.37)
    addressable (2.3.5)
    arbre (1.0.1)
      activesupport (>= 3.0.0)
    arel (4.0.2)
    atomic (1.1.14)
    awesome_nested_set (2.1.6)
      activerecord (>= 3.0.0)
    bcrypt-ruby (3.1.2)
    bourbon (3.1.8)
      sass (>= 3.2.0)
      thor
    builder (3.1.4)
    coffee-rails (4.0.1)
      coffee-script (>= 2.2.0)
      railties (>= 4.0.0, < 5.0)
    coffee-script (2.2.0)
      coffee-script-source
      execjs
    coffee-script-source (1.7.0)
    commonjs (0.2.7)
    daemons (1.1.9)
    devise (3.2.2)
      bcrypt-ruby (~> 3.0)
      orm_adapter (~> 0.1)
      railties (>= 3.2.6, < 5)
      thread_safe (~> 0.1)
      warden (~> 1.2.3)
    erubis (2.7.0)
    eventmachine (1.0.3)
    excon (0.31.0)
    execjs (2.0.2)
    friendly_id (5.0.2)
      activerecord (~> 4.0.0)
    has_scope (0.6.0.rc)
      actionpack (>= 3.2, < 5)
      activesupport (>= 3.2, < 5)
    heroku (3.3.0)
      heroku-api (~> 0.3.17)
      launchy (>= 0.3.2)
      netrc (~> 0.7.7)
      rest-client (~> 1.6.1)
      rubyzip
    heroku-api (0.3.17)
      excon (~> 0.27)
      multi_json (~> 1.8.2)
    hike (1.2.3)
    i18n (0.6.9)
    jbuilder (1.5.3)
      activesupport (>= 3.0.0)
      multi_json (>= 1.2.0)
    jquery-rails (3.1.0)
      railties (>= 3.0, < 5.0)
      thor (>= 0.14, < 2.0)
    jquery-ui-rails (4.1.1)
      railties (>= 3.1.0)
    json (1.8.1)
    kaminari (0.15.1)
      actionpack (>= 3.0.0)
      activesupport (>= 3.0.0)
    launchy (2.4.2)
      addressable (~> 2.3)
    less (2.4.0)
      commonjs (~> 0.2.7)
    less-rails (2.4.2)
      actionpack (>= 3.1)
      less (~> 2.4.0)
    libv8 (3.16.14.3)
    mail (2.5.4)
      mime-types (~> 1.16)
      treetop (~> 1.4.8)
    mime-types (1.25.1)
    minitest (4.7.5)
    multi_json (1.8.4)
    netrc (0.7.7)
    orm_adapter (0.5.0)
    pg (0.17.1)
    polyamorous (0.6.4)
      activerecord (>= 3.0)
    polyglot (0.3.3)
    rack (1.5.2)
    rack-test (0.6.2)
      rack (>= 1.0)
    rails (4.0.0)
      actionmailer (= 4.0.0)
      actionpack (= 4.0.0)
      activerecord (= 4.0.0)
      activesupport (= 4.0.0)
      bundler (>= 1.3.0, < 2.0)
      railties (= 4.0.0)
      sprockets-rails (~> 2.0.0)
    railties (4.0.0)
      actionpack (= 4.0.0)
      activesupport (= 4.0.0)
      rake (>= 0.8.7)
      thor (>= 0.18.1, < 2.0)
    rake (10.1.1)
    ransack (1.1.0)
      actionpack (>= 3.0)
      activerecord (>= 3.0)
      polyamorous (~> 0.6.0)
    rdoc (4.1.1)
      json (~> 1.4)
    ref (1.0.5)
    responders (1.0.0)
      railties (>= 3.2, < 5)
    rest-client (1.6.7)
      mime-types (>= 1.16)
    rubyzip (1.1.0)
    sass (3.2.14)
    sass-rails (4.0.1)
      railties (>= 4.0.0, < 5.0)
      sass (>= 3.1.10)
      sprockets-rails (~> 2.0.0)
    sdoc (0.4.0)
      json (~> 1.8)
      rdoc (~> 4.0, < 5.0)
    sprockets (2.10.1)
      hike (~> 1.2)
      multi_json (~> 1.0)
      rack (~> 1.0)
      tilt (~> 1.1, != 1.3.0)
    sprockets-rails (2.0.1)
      actionpack (>= 3.0)
      activesupport (>= 3.0)
      sprockets (~> 2.8)
    therubyracer (0.12.1)
      libv8 (~> 3.16.14.0)
      ref
    thin (1.6.1)
      daemons (>= 1.0.9)
      eventmachine (>= 1.0.0)
      rack (>= 1.0.0)
    thor (0.18.1)
    thread_safe (0.1.3)
      atomic
    tilt (1.4.1)
    treetop (1.4.15)
      polyglot
      polyglot (>= 0.3.1)
    turbolinks (2.2.1)
      coffee-rails
    twitter-bootstrap-rails (2.2.8)
      actionpack (>= 3.1)
      execjs
      rails (>= 3.1)
      railties (>= 3.1)
    tzinfo (0.3.38)
    uglifier (2.4.0)
      execjs (>= 0.3.0)
      json (>= 1.8.0)
    warden (1.2.3)
      rack (>= 1.0)
    will_paginate (3.0.5)
    will_paginate-bootstrap (1.0.0)
      will_paginate (>= 3.0.3)

PLATFORMS
  ruby

DEPENDENCIES
  activeadmin!
  awesome_nested_set
  coffee-rails (~> 4.0.0)
  formtastic!
  friendly_id
  heroku
  inherited_resources!
  jbuilder (~> 1.2)
  jquery-rails
  less-rails
  pg (= 0.17.1)
  rails (= 4.0.0)
  sass-rails (~> 4.0.0)
  sdoc
  therubyracer
  thin
  turbolinks
  twitter-bootstrap-rails
  uglifier (>= 1.3.0)
  will_paginate (~> 3.0)
  will_paginate-bootstrap
